GEM
  specs:
    activesupport (3.2.8)
      i18n (~> 0.6)
      multi_json (~> 1.0)
    i18n (0.6.1)
    multi_json (1.3.6)

PLATFORMS
  ruby

DEPENDENCIES
  activesupport (~> 3.2.8)
